GEM
  remote: https://rubygems.org/
  specs:
    addressable (2.3.8)
    coderay (1.1.2)
    et-orbi (1.1.6)
      tzinfo
    faraday (0.15.2)
      multipart-post (>= 1.2, < 3)
    fugit (1.1.6)
      et-orbi (~> 1.1, >= 1.1.6)
      raabro (~> 1.1)
    json (1.8.6)
    method_source (0.9.2)
    mime-types (1.25.1)
    multipart-post (2.0.0)
    mustermann (1.0.3)
    pry (0.12.2)
      coderay (~> 1.1.0)
      method_source (~> 0.9.0)
    puma (3.12.0)
    raabro (1.1.6)
    rack (2.0.5)
    rack-protection (2.0.4)
      rack
    rest-client (1.6.9)
      mime-types (~> 1.16)
    rufus-scheduler (3.5.2)
      fugit (~> 1.1, >= 1.1.5)
    sentry-raven (2.7.2)
      faraday (>= 0.7.6, < 1.0)
    sinatra (2.0.4)
      mustermann (~> 1.0)
      rack (~> 2.0)
      rack-protection (= 2.0.4)
      tilt (~> 2.0)
    thread_safe (0.3.6)
    tilt (2.0.8)
    tzinfo (1.2.5)
      thread_safe (~> 0.1)
    unirest (1.1.2)
      addressable (~> 2.3.5)
      json (~> 1.8.1)
      rest-client (~> 1.6.7)

PLATFORMS
  ruby

DEPENDENCIES
  pry
  puma
  rufus-scheduler
  sentry-raven
  sinatra
  unirest

BUNDLED WITH
   1.16.0
